GEM
  remote: https://rubygems.org/
  specs:
    byebug (11.1.3)
    coderay (1.1.3)
    ffi (1.15.5)
    method_source (1.0.0)
    mini_portile2 (2.8.4)
    pry (0.14.2)
      coderay (~> 1.1)
      method_source (~> 1.0)
    pry-byebug (3.10.1)
      byebug (~> 11.0)
      pry (>= 0.13, < 0.15)
    rake (13.0.6)
    rdkafka (0.13.0)
      ffi (~> 1.15)
      mini_portile2 (~> 2.6)
      rake (> 12)

PLATFORMS
  x86_64-darwin-21

DEPENDENCIES
  pry-byebug
  rdkafka

RUBY VERSION
   ruby 3.2.2p53

BUNDLED WITH
   2.4.17
